GEM
  remote: https://rubygems.org/
  specs:
    childprocess (0.5.3)
      ffi (~> 1.0, >= 1.0.11)
    data_magic (0.18)
      faker (>= 1.1.2)
      yml_reader (>= 0.2)
    faker (1.3.0)
      i18n (~> 0.5)
    ffi (1.9.3)
    i18n (0.6.9)
    minitest (5.3.3)
    multi_json (1.9.3)
    page-object (0.9.8)
      page_navigation (>= 0.9)
      selenium-webdriver (>= 2.40.0)
      watir-webdriver (>= 0.6.8)
    page_navigation (0.9)
      data_magic (>= 0.14)
    rubyzip (1.1.3)
    selenium-webdriver (2.41.0)
      childprocess (>= 0.5.0)
      multi_json (~> 1.0)
      rubyzip (~> 1.0)
      websocket (~> 1.0.4)
    watir-webdriver (0.6.9)
      selenium-webdriver (>= 2.18.0)
    websocket (1.0.7)
    yml_reader (0.2)

PLATFORMS
  ruby

DEPENDENCIES
  minitest
  page-object
  watir-webdriver
