GEM
  remote: https://rubygems.org/
  specs:
    childprocess (0.5.3)
      ffi (~> 1.0, >= 1.0.11)
    ffi (1.9.3)
    minitest (5.3.3)
    multi_json (1.9.3)
    rubyzip (1.1.3)
    selenium-webdriver (2.41.0)
      childprocess (>= 0.5.0)
      multi_json (~> 1.0)
      rubyzip (~> 1.0)
      websocket (~> 1.0.4)
    watir-webdriver (0.6.9)
      selenium-webdriver (>= 2.18.0)
    websocket (1.0.7)

PLATFORMS
  ruby

DEPENDENCIES
  minitest
  watir-webdriver
